GEM
  remote: https://rubygems.org/
  specs:
    cuba (3.1.0)
      rack
    rack (1.4.1)
    sequel (3.41.0)
    sqlite3 (1.3.6)

PLATFORMS
  ruby

DEPENDENCIES
  cuba
  sequel
  sqlite3
